GEM
  remote: https://rubygems.org/
  specs:
    bunny (0.8.0)
    little-plugger (1.1.3)
    logging (1.7.2)
      little-plugger (>= 1.1.3)

PLATFORMS
  ruby

DEPENDENCIES
  bunny
  logging
